GEM
  remote: https://rubygems.org/
  specs:
    addressable (2.5.1)
      public_suffix (~> 2.0, >= 2.0.2)
    launchy (2.4.3)
      addressable (~> 2.3)
    public_suffix (2.0.5)

PLATFORMS
  x64-mingw32

DEPENDENCIES
  launchy

BUNDLED WITH
   1.15.3
